PATH
  remote: .
  specs:
    rubyProject (0.1)

GEM
  remote: https://rubygems.org/
  specs:
    rake (0.9.6)

PLATFORMS
  ruby

DEPENDENCIES
  bundler (~> 1.9)
  rake (~> 0.9.6)
  rubyProject!
