PATH
  remote: .
  specs:
    rubyProject (0.1)

GEM
  remote: https://rubygems.org/
  specs:
    codeclimate-test-reporter (0.4.7)
      docile (= 1.1.5)
      json (= 1.8.2)
      simplecov (>= 0.7.1, < 1.0.0)
    docile (1.1.5)
    json (1.8.2)
    rake (0.9.6)
    simplecov (0.10.0)
      docile (~> 1.1.0)
      json (~> 1.8)
      simplecov-html (~> 0.10.0)
    simplecov-html (0.10.0)

PLATFORMS
  ruby

DEPENDENCIES
  bundler (~> 1.9)
  codeclimate-test-reporter
  rake (~> 0.9.6)
  rubyProject!
  simplecov (>= 0.7.1, < 1.0.0)
